GEM
  remote: https://rubygems.org/
  specs:
    activesupport (3.2.13)
      i18n (= 0.6.1)
      multi_json (~> 1.0)
    ansi (1.4.3)
    builder (3.0.4)
    coderay (1.0.9)
    columnize (0.3.6)
    debugger (1.6.0)
      columnize (>= 0.3.1)
      debugger-linecache (~> 1.2.0)
      debugger-ruby_core_source (~> 1.2.1)
    debugger-linecache (1.2.0)
    debugger-ruby_core_source (1.2.2)
    hashie (2.0.5)
    i18n (0.6.1)
    method_source (0.8.1)
    minitest (4.7.4)
    minitest-reporters (0.14.18)
      ansi
      builder
      minitest (>= 2.12, < 5.0)
      powerbar
    multi_json (1.7.3)
    mynyml-redgreen (0.7.1)
      term-ansicolor (>= 1.0.4)
    powerbar (1.0.11)
      ansi (~> 1.4.0)
      hashie (>= 1.1.0)
    pry (0.9.12.2)
      coderay (~> 1.0.5)
      method_source (~> 0.8)
      slop (~> 3.4)
    pry-debugger (0.2.2)
      debugger (~> 1.3)
      pry (~> 0.9.10)
    rack (1.5.2)
    rack-protection (1.5.0)
      rack
    sinatra (1.4.2)
      rack (~> 1.5, >= 1.5.2)
      rack-protection (~> 1.4)
      tilt (~> 1.3, >= 1.3.4)
    sinatra_more (0.3.43)
      activesupport
      bundler (>= 0.9.2)
      sinatra (>= 0.9.2)
      thor (>= 0.11.8)
      tilt (>= 0.2)
    slop (3.4.5)
    term-ansicolor (1.2.0)
      tins (~> 0.8)
    thor (0.18.1)
    tilt (1.4.1)
    tins (0.8.0)

PLATFORMS
  ruby

DEPENDENCIES
  minitest
  minitest-reporters
  mynyml-redgreen
  pry-debugger
  sinatra_more
