GEM
  remote: https://rubygems.org/
  specs:
    ansi (1.4.3)
    builder (3.2.0)
    coderay (1.0.9)
    columnize (0.3.6)
    debugger (1.5.0)
      columnize (>= 0.3.1)
      debugger-linecache (~> 1.2.0)
      debugger-ruby_core_source (~> 1.2.0)
    debugger-linecache (1.2.0)
    debugger-ruby_core_source (1.2.0)
    hashie (2.0.3)
    method_source (0.8.1)
    minitest (4.7.3)
    minitest-reporters (0.14.16)
      ansi
      builder
      minitest (>= 2.12, < 5.0)
      powerbar
    mynyml-redgreen (0.7.1)
      term-ansicolor (>= 1.0.4)
    powerbar (1.0.11)
      ansi (~> 1.4.0)
      hashie (>= 1.1.0)
    pry (0.9.12.1)
      coderay (~> 1.0.5)
      method_source (~> 0.8)
      slop (~> 3.4)
    pry-debugger (0.2.2)
      debugger (~> 1.3)
      pry (~> 0.9.10)
    slop (3.4.4)
    term-ansicolor (1.1.5)

PLATFORMS
  ruby

DEPENDENCIES
  minitest
  minitest-reporters
  mynyml-redgreen
  pry-debugger
